GEM
  remote: http://rubygems.org/
  specs:
    addressable (2.2.6)
    data_objects (0.10.6)
      addressable (~> 2.1)
    dm-core (1.1.0)
      addressable (~> 2.2.4)
    dm-do-adapter (1.1.0)
      data_objects (~> 0.10.2)
      dm-core (~> 1.1.0)
    dm-sqlite-adapter (1.1.0)
      dm-do-adapter (~> 1.1.0)
      do_sqlite3 (~> 0.10.2)
    do_sqlite3 (0.10.6)
      data_objects (= 0.10.6)
    extlib (0.9.15)
    google-api-client (0.2.0)
      addressable (~> 2.2.2)
      extlib (>= 0.9.15)
      httpadapter (~> 1.0.0)
      json (>= 1.4.6)
      launchy (>= 0.3.2)
      liquid (>= 2.2.2)
      signet (~> 0.2.2)
    httpadapter (1.0.0)
      addressable (~> 2.2.0)
    json (1.6.1)
    launchy (2.0.5)
      addressable (~> 2.2.6)
    liquid (2.2.2)
    rack (1.3.3)
    rack-protection (1.1.1)
      rack
    signet (0.2.2)
      addressable (~> 2.2.1)
      httpadapter (~> 1.0.0)
      json (>= 1.4.6)
    sinatra (1.3.0)
      rack (~> 1.3)
      rack-protection (~> 1.1)
      tilt (~> 1.3)
    tilt (1.3.3)

PLATFORMS
  ruby

DEPENDENCIES
  dm-sqlite-adapter
  extlib
  google-api-client
  httpadapter
  sinatra
